GEM
  remote: https://rubygems.org/
  specs:
    actionmailer (4.0.0)
      actionpack (= 4.0.0)
      mail (~> 2.5.3)
    actionpack (4.0.0)
      activesupport (= 4.0.0)
      builder (~> 3.1.0)
      erubis (~> 2.7.0)
      rack (~> 1.5.2)
      rack-test (~> 0.6.2)
    activemodel (4.0.0)
      activesupport (= 4.0.0)
      builder (~> 3.1.0)
    activerecord (4.0.0)
      activemodel (= 4.0.0)
      activerecord-deprecated_finders (~> 1.0.2)
      activesupport (= 4.0.0)
      arel (~> 4.0.0)
    activerecord-deprecated_finders (1.0.3)
    activesupport (4.0.0)
      i18n (~> 0.6, >= 0.6.4)
      minitest (~> 4.2)
      multi_json (~> 1.3)
      thread_safe (~> 0.1)
      tzinfo (~> 0.3.37)
    arel (4.0.1)
    arrayfields (4.9.2)
    atomic (1.1.14)
    awesome_print (1.2.0)
    better_errors (1.1.0)
      coderay (>= 1.0.0)
      erubis (>= 2.6.6)
    binding_of_caller (0.7.2)
      debug_inspector (>= 0.0.1)
    builder (3.1.4)
    cane (2.6.1)
      parallel
    capybara (2.2.1)
      mime-types (>= 1.16)
      nokogiri (>= 1.3.3)
      rack (>= 1.0.0)
      rack-test (>= 0.5.4)
      xpath (~> 2.0)
    celluloid (0.15.2)
      timers (~> 1.1.0)
    celluloid-io (0.15.0)
      celluloid (>= 0.15.0)
      nio4r (>= 0.5.0)
    chronic (0.10.2)
    churn (0.0.35)
      chronic (>= 0.2.3)
      hirb
      json_pure
      main
      rest-client (>= 1.6.0)
      ruby_parser (~> 3.0)
      sexp_processor (~> 4.1)
    code_analyzer (0.4.4)
      sexp_processor
    code_metrics (0.1.3)
    coderay (1.1.0)
    coffee-rails (4.0.1)
      coffee-script (>= 2.2.0)
      railties (>= 4.0.0, < 5.0)
    coffee-script (2.2.0)
      coffee-script-source
      execjs
    coffee-script-source (1.6.3)
    colored (1.2)
    database_cleaner (1.2.0)
    debug_inspector (0.0.2)
    diff-lcs (1.2.5)
    docile (1.1.3)
    erubis (2.7.0)
    execjs (2.0.2)
    factory_girl (4.4.0)
      activesupport (>= 3.0.0)
    factory_girl_rails (4.4.1)
      factory_girl (~> 4.4.0)
      railties (>= 3.0.0)
    faker (1.2.0)
      i18n (~> 0.5)
    fattr (2.2.2)
    ffi (1.9.3)
    flay (2.4.0)
      ruby_parser (~> 3.0)
      sexp_processor (~> 4.0)
    flog (4.2.0)
      ruby_parser (~> 3.1, > 3.1.0)
      sexp_processor (~> 4.4)
    formatador (0.2.4)
    guard (2.5.1)
      formatador (>= 0.2.4)
      listen (~> 2.6)
      lumberjack (~> 1.0)
      pry (>= 0.9.12)
      thor (>= 0.18.1)
    guard-rspec (4.2.2)
      guard (~> 2.1, >= 2.1)
      rspec (~> 3.0.0.beta, >= 2.14, < 4.0)
    hike (1.2.3)
    hirb (0.7.1)
    i18n (0.6.5)
    jbuilder (1.5.2)
      activesupport (>= 3.0.0)
      multi_json (>= 1.2.0)
    jquery-rails (3.0.4)
      railties (>= 3.0, < 5.0)
      thor (>= 0.14, < 2.0)
    json (1.8.1)
    json_pure (1.8.1)
    libv8 (3.16.14.3)
    listen (2.6.2)
      celluloid (>= 0.15.2)
      celluloid-io (>= 0.15.0)
      rb-fsevent (>= 0.9.3)
      rb-inotify (>= 0.9)
    lumberjack (1.0.4)
    mail (2.5.4)
      mime-types (~> 1.16)
      treetop (~> 1.4.8)
    main (5.3.2)
      arrayfields (>= 4.7.4)
      chronic (>= 0.6.2)
      fattr (>= 2.2.0)
      map (>= 5.1.0)
      pry (>= 0.9)
    map (6.5.3)
    method_source (0.8.2)
    metric_fu (4.8.0)
      cane (~> 2.5, >= 2.5.2)
      churn (~> 0.0.35)
      code_metrics (~> 0.1)
      coderay
      flay (~> 2.1, >= 2.0.1)
      flog (~> 4.1, >= 4.1.1)
      metric_fu-Saikuro (~> 1.1, >= 1.1.3)
      multi_json
      rails_best_practices (~> 1.14, >= 1.14.3)
      redcard
      reek (~> 1.3, >= 1.3.4)
      roodi (~> 3.1)
    metric_fu-Saikuro (1.1.3)
    mime-types (1.25)
    mini_portile (0.5.2)
    minitest (4.7.5)
    multi_json (1.8.2)
    nio4r (1.0.0)
    nokogiri (1.6.1)
      mini_portile (~> 0.5.0)
    parallel (0.9.2)
    pg (0.17.1)
    polyglot (0.3.3)
    pry (0.9.12.6)
      coderay (~> 1.0)
      method_source (~> 0.8)
      slop (~> 3.4)
    pry-rails (0.3.2)
      pry (>= 0.9.10)
    rack (1.5.2)
    rack-test (0.6.2)
      rack (>= 1.0)
    rails (4.0.0)
      actionmailer (= 4.0.0)
      actionpack (= 4.0.0)
      activerecord (= 4.0.0)
      activesupport (= 4.0.0)
      bundler (>= 1.3.0, < 2.0)
      railties (= 4.0.0)
      sprockets-rails (~> 2.0.0)
    rails_best_practices (1.15.1)
      activesupport
      awesome_print
      code_analyzer (>= 0.4.3)
      colored
      erubis
      i18n
      require_all
      ruby-progressbar
    railties (4.0.0)
      actionpack (= 4.0.0)
      activesupport (= 4.0.0)
      rake (>= 0.8.7)
      thor (>= 0.18.1, < 2.0)
    rake (10.1.0)
    rb-fsevent (0.9.4)
    rb-inotify (0.9.3)
      ffi (>= 0.5.0)
    rdoc (3.12.2)
      json (~> 1.4)
    redcard (1.1.0)
    reek (1.3.6)
      ruby2ruby (~> 2.0.7)
      ruby_parser (~> 3.2)
      sexp_processor
    ref (1.0.5)
    require_all (1.3.2)
    rest-client (1.6.7)
      mime-types (>= 1.16)
    roodi (3.3.1)
      ruby_parser (~> 3.2, >= 3.2.2)
    rspec (3.0.0.beta2)
      rspec-core (= 3.0.0.beta2)
      rspec-expectations (= 3.0.0.beta2)
      rspec-mocks (= 3.0.0.beta2)
    rspec-collection_matchers (0.0.3)
      rspec-expectations (>= 2.99.0.beta1)
    rspec-core (3.0.0.beta2)
      rspec-support (= 3.0.0.beta2)
    rspec-expectations (3.0.0.beta2)
      diff-lcs (>= 1.2.0, < 2.0)
      rspec-support (= 3.0.0.beta2)
    rspec-mocks (3.0.0.beta2)
      rspec-support (= 3.0.0.beta2)
    rspec-rails (3.0.0.beta2)
      actionpack (>= 3.0)
      activemodel (>= 3.0)
      activesupport (>= 3.0)
      railties (>= 3.0)
      rspec-collection_matchers
      rspec-core (= 3.0.0.beta2)
      rspec-expectations (= 3.0.0.beta2)
      rspec-mocks (= 3.0.0.beta2)
      rspec-support (= 3.0.0.beta2)
    rspec-support (3.0.0.beta2)
    ruby-progressbar (1.4.1)
    ruby2ruby (2.0.7)
      ruby_parser (~> 3.1)
      sexp_processor (~> 4.0)
    ruby_parser (3.4.1)
      sexp_processor (~> 4.1)
    sass (3.2.12)
    sass-rails (4.0.1)
      railties (>= 4.0.0, < 5.0)
      sass (>= 3.1.10)
      sprockets-rails (~> 2.0.0)
    sdoc (0.3.20)
      json (>= 1.1.3)
      rdoc (~> 3.10)
    sexp_processor (4.4.1)
    shoulda-matchers (2.5.0)
      activesupport (>= 3.0.0)
    simplecov (0.8.2)
      docile (~> 1.1.0)
      multi_json
      simplecov-html (~> 0.8.0)
    simplecov-html (0.8.0)
    simplecov-rcov-text (0.0.3)
    slop (3.4.7)
    sprockets (2.10.0)
      hike (~> 1.2)
      multi_json (~> 1.0)
      rack (~> 1.0)
      tilt (~> 1.1, != 1.3.0)
    sprockets-rails (2.0.1)
      actionpack (>= 3.0)
      activesupport (>= 3.0)
      sprockets (~> 2.8)
    therubyracer (0.12.0)
      libv8 (~> 3.16.14.0)
      ref
    thor (0.18.1)
    thread_safe (0.1.3)
      atomic
    tilt (1.4.1)
    timers (1.1.0)
    treetop (1.4.15)
      polyglot
      polyglot (>= 0.3.1)
    turbolinks (1.3.0)
      coffee-rails
    tzinfo (0.3.38)
    uglifier (2.3.0)
      execjs (>= 0.3.0)
      json (>= 1.8.0)
    xpath (2.0.0)
      nokogiri (~> 1.3)

PLATFORMS
  ruby

DEPENDENCIES
  better_errors
  binding_of_caller
  capybara
  coffee-rails (~> 4.0.0)
  database_cleaner
  execjs
  factory_girl_rails
  faker
  guard-rspec
  jbuilder (~> 1.2)
  jquery-rails
  metric_fu
  pg
  pry-rails
  rails (= 4.0.0)
  rspec-rails (~> 3.0.0.beta)
  sass-rails (~> 4.0.0)
  sdoc
  shoulda-matchers
  simplecov
  simplecov-rcov-text
  therubyracer
  turbolinks
  uglifier (>= 1.3.0)
